GEM
  remote: https://rubygems.org/
  specs:
    rosarium (0.1.5)

PLATFORMS
  ruby

DEPENDENCIES
  rosarium!

BUNDLED WITH
   1.16.6
